GEM
  remote: https://rubygems.org/
  specs:
    bson (4.3.0)
    daemons (1.2.6)
    eventmachine (1.2.7)
    mongo (2.6.0)
      bson (>= 4.3.0, < 5.0.0)
    multi_json (1.15.0)
    mustermann (3.0.0)
      ruby2_keywords (~> 0.0.1)
    rack (2.2.4)
    rack-protection (3.0.4)
      rack
    ruby2_keywords (0.0.5)
    sinatra (3.0.4)
      mustermann (~> 3.0)
      rack (~> 2.2, >= 2.2.4)
      rack-protection (= 3.0.4)
      tilt (~> 2.0)
    sinatra-contrib (3.0.4)
      multi_json
      mustermann (~> 3.0)
      rack-protection (= 3.0.4)
      sinatra (= 3.0.4)
      tilt (~> 2.0)
    thin (1.7.2)
      daemons (~> 1.0, >= 1.0.9)
      eventmachine (~> 1.0, >= 1.0.4)
      rack (>= 1, < 3)
    tilt (2.0.11)

PLATFORMS
  ruby

DEPENDENCIES
  mongo (~> 2.6)
  sinatra (~> 3.0)
  sinatra-contrib (~> 3.0.4)
  thin (~> 1.7.2)

BUNDLED WITH
   1.16.2
